GEM
  remote: http://rubygems.org/
  specs:
    awesome_print (0.4.0)
    backports (2.3.0)
    bond (0.4.1)
    coderay (0.9.8)
    daemons (1.1.4)
    eventmachine (0.12.10)
    haml (3.1.2)
    hirb (0.5.0)
    json (1.5.3)
    method_source (0.6.0)
      ruby_parser (>= 2.0.5)
    monkey-lib (0.5.4)
      backports
    pry (0.9.3)
      coderay (>= 0.9.8)
      method_source (>= 0.6.0)
      ruby_parser (>= 2.0.5)
      slop (~> 1.9.0)
    rack (1.3.2)
    ruby_parser (2.2.0)
      sexp_processor (~> 3.0)
    sexp_processor (3.0.6)
    sinatra (1.2.6)
      rack (~> 1.1)
      tilt (< 2.0, >= 1.2.2)
    sinatra-advanced-routes (0.5.1)
      monkey-lib (~> 0.5.0)
      sinatra (~> 1.0)
      sinatra-sugar (~> 0.5.0)
    sinatra-reloader (0.5.0)
      sinatra (~> 1.0)
      sinatra-advanced-routes (~> 0.5.0)
    sinatra-sugar (0.5.1)
      monkey-lib (~> 0.5.0)
      sinatra (~> 1.0)
    sketches (0.1.1)
    slop (1.9.1)
    thin (1.2.11)
      daemons (>= 1.0.9)
      eventmachine (>= 0.12.6)
      rack (>= 1.0.0)
    tilt (1.3.3)
    wirble (0.1.3)

PLATFORMS
  ruby

DEPENDENCIES
  awesome_print
  bond
  haml
  hirb
  json
  pry
  sinatra
  sinatra-reloader
  sketches
  thin
  wirble
